GEM
  remote: http://rubygems.org/
  specs:
    diff-lcs (1.2.1)
    git (1.2.5)
    jeweler (1.8.4)
      bundler (~> 1.0)
      git (>= 1.2.5)
      rake
      rdoc
    json (1.5.1)
    nokogiri (1.4.4)
    rake (10.0.3)
    rcov (0.9.9)
    rdoc (4.0.0)
      json (~> 1.4)
    rmagick (2.13.2)
    rspec (2.13.0)
      rspec-core (~> 2.13.0)
      rspec-expectations (~> 2.13.0)
      rspec-mocks (~> 2.13.0)
    rspec-core (2.13.0)
    rspec-expectations (2.13.0)
      diff-lcs (>= 1.1.3, < 2.0)
    rspec-mocks (2.13.0)
    zipruby (0.3.6)

PLATFORMS
  ruby

DEPENDENCIES
  bundler (= 1.3.2)
  jeweler (= 1.8.4)
  json (>= 1.4)
  nokogiri
  rcov
  rmagick (= 2.13.2)
  rspec (>= 2.13.0)
  zipruby
